GEM
  remote: https://rubygems.org/
  specs:
    devise (4.5.0)
      actionview (= 5.2.0)
