GEM
  remote: https://rubygems.org/
  specs:
    actionview (5.2.0)
      devise (= 4.5.0)
