GEM
  remote: https://rubygems.org/
  specs:
    devise (4.5.0)
      chloride (< 0.3.0)
